GEM
  remote: https://rubygems.org/
  specs:
    coderay (1.1.1)
    faked_csv (0.1.4)
      faker (~> 1.3)
      json (~> 1.8)
      open_uri_redirections (~> 0.1)
    faker (1.6.3)
      i18n (~> 0.5)
    i18n (0.7.0)
    json (1.8.3)
    method_source (0.8.2)
    open_uri_redirections (0.2.1)
    pry (0.10.3)
      coderay (~> 1.1.0)
      method_source (~> 0.8.1)
      slop (~> 3.4)
    slop (3.6.0)

PLATFORMS
  ruby

DEPENDENCIES
  faked_csv (= 0.1.4)
  pry

BUNDLED WITH
   1.12.3
